GEM
  remote: https://rubygems.org/
  specs:
    addressable (2.8.0)
      public_suffix (>= 2.0.2, < 5.0)
    ast (2.4.0)
    backport (1.0.0)
    bundler-audit (0.6.1)
      bundler (>= 1.2.0, < 3)
      thor (~> 0.18)
    cmdparse (3.0.4)
    coderay (1.1.2)
    crack (0.4.3)
      safe_yaml (~> 1.0.0)
    docile (1.3.2)
    domain_name (0.5.20180417)
      unf (>= 0.0.5, < 1.0.0)
    econfig (2.1.0)
    ffi (1.10.0)
    geom2d (0.2.0)
    hashdiff (0.3.9)
    hexapdf (0.9.2)
      cmdparse (~> 3.0, >= 3.0.3)
      geom2d (~> 0.2)
    hirb (0.7.3)
    htmlentities (4.3.4)
    http (4.1.1)
      addressable (~> 2.3)
      http-cookie (~> 1.0)
      http-form_data (~> 2.0)
      http_parser.rb (~> 0.6.0)
    http-cookie (1.0.3)
      domain_name (~> 0.5)
    http-form_data (2.1.1)
    http_parser.rb (0.6.0)
    jaro_winkler (1.5.2)
    json (2.1.0)
    kramdown (1.17.0)
    listen (3.1.5)
      rb-fsevent (~> 0.9, >= 0.9.4)
      rb-inotify (~> 0.9, >= 0.9.7)
      ruby_dep (~> 1.2)
    method_source (0.9.2)
    mini_portile2 (2.4.0)
    minitest (5.11.3)
    minitest-rg (5.2.0)
      minitest (~> 5.0)
    nokogiri (1.10.3)
      mini_portile2 (~> 2.4.0)
    parallel (1.17.0)
    parser (2.6.2.1)
      ast (~> 2.4.0)
    pg (1.1.4)
    pry (0.12.2)
      coderay (~> 1.1.0)
      method_source (~> 0.9.0)
    psych (3.1.0)
    public_suffix (4.0.6)
    puma (3.11.3)
    rack (2.0.7)
    rack-test (1.0.0)
      rack (>= 1.0, < 3)
    rainbow (3.0.0)
    rake (12.3.2)
    rb-fsevent (0.10.3)
    rb-inotify (0.10.0)
      ffi (~> 1.0)
    rbnacl (6.0.1)
      ffi
    rerun (0.13.0)
      listen (~> 3.0)
    reverse_markdown (1.1.0)
      nokogiri
    roda (3.6.0)
      rack
    rubocop (0.67.2)
      jaro_winkler (~> 1.5.1)
      parallel (~> 1.10)
      parser (>= 2.5, != 2.5.1.1)
      psych (>= 3.1.0)
      rainbow (>= 2.2.2, < 4.0)
      ruby-progressbar (~> 1.7)
      unicode-display_width (>= 1.4.0, < 1.6)
    rubocop-performance (1.1.0)
      rubocop (>= 0.67.0)
    ruby-progressbar (1.10.0)
    ruby_dep (1.5.0)
    safe_yaml (1.0.5)
    sequel (5.19.0)
    sequel-seed (1.0.0)
      sequel (>= 4.0)
    simplecov (0.16.1)
      docile (~> 1.1)
      json (>= 1.8, < 3)
      simplecov-html (~> 0.10.0)
    simplecov-html (0.10.2)
    solargraph (0.32.3)
      backport (~> 1.0)
      bundler (>= 1.17.2)
      htmlentities (~> 4.3, >= 4.3.4)
      jaro_winkler (~> 1.5)
      kramdown (~> 1.16)
      parser (~> 2.3)
      reverse_markdown (~> 1.0, >= 1.0.5)
      rubocop (~> 0.52)
      thor (~> 0.19, >= 0.19.4)
      tilt (~> 2.0)
      yard (~> 0.9)
    sqlite3 (1.4.0)
    thor (0.20.3)
    tilt (2.0.9)
    unf (0.1.4)
      unf_ext
    unf_ext (0.0.7.6)
    unicode-display_width (1.5.0)
    webmock (3.5.1)
      addressable (>= 2.3.6)
      crack (>= 0.3.2)
      hashdiff
    yard (0.9.19)

PLATFORMS
  ruby

DEPENDENCIES
  bundler-audit
  econfig
  hexapdf
  hirb
  http
  json
  minitest
  minitest-rg
  pg
  pry
  puma (~> 3.11)
  rack (>= 2.0.6)
  rack-test
  rake
  rbnacl (~> 6.0)
  rerun
  roda (~> 3.6)
  rubocop
  rubocop-performance
  sequel
  sequel-seed
  simplecov
  solargraph
  sqlite3
  webmock

RUBY VERSION
   ruby 2.6.2p47

BUNDLED WITH
   1.17.2
